PATH
  remote: D:/Ruby34-x64/gems
  specs:
    sorbet-static-and-runtime (0.5.11911)

GEM
  remote: https://rubygems.org/
  specs:
    benchmark (0.4.0)
    erubi (1.13.1)
    json (2.10.1)
    netrc (0.11.0)
    parallel (1.26.3)
    prism (1.3.0)
    rbi (0.2.4)
      prism (~> 1.0)
      sorbet-runtime (>= 0.5.9204)
    sorbet-runtime (0.5.11911)
    spoom (1.5.4)
      erubi (>= 1.10.0)
      prism (>= 0.28.0)
      rbi (>= 0.2.3)
      sorbet-static-and-runtime (>= 0.5.10187)
      thor (>= 0.19.2)
    tapioca (0.16.11)
      benchmark
      bundler (>= 2.2.25)
      netrc (>= 0.11.0)
      parallel (>= 1.21.0)
      rbi (~> 0.2)
      sorbet-static-and-runtime (>= 0.5.11087)
      spoom (>= 1.2.0)
      thor (>= 1.2.0)
      yard-sorbet
    thor (1.3.2)
    yard (0.9.37)
    yard-sorbet (0.9.0)
      sorbet-runtime
      yard
    zeitwerk (2.7.2)

PLATFORMS
  x64-mingw-ucrt

DEPENDENCIES
  json
  sorbet-static-and-runtime (= 0.5.11911)!
  tapioca
  zeitwerk

BUNDLED WITH
   2.6.5
